GEM
  remote: http://artifactory.enoc.cc/artifactory/api/gems/rubygems/
  specs:
    aws-sdk (2.1.7)
      aws-sdk-resources (= 2.1.7)
    aws-sdk-core (2.1.7)
      jmespath (~> 1.0)
    aws-sdk-resources (2.1.7)
      aws-sdk-core (= 2.1.7)
    jmespath (1.0.2)
      multi_json (~> 1.0)
    multi_json (1.11.2)

PLATFORMS
  ruby

DEPENDENCIES
  aws-sdk (= 2.1.7)

BUNDLED WITH
   1.10.3
